PATH
  remote: .
  specs:
    csg (0.1.4)
      ffi

GEM
  remote: https://rubygems.org/
  specs:
    ffi (1.9.3)

PLATFORMS
  ruby

DEPENDENCIES
  csg!
